PATH
  remote: .
  specs:
    ruby-package (0.1.0)

GEM
  remote: https://rubygems.org/
  specs:
    ast (2.3.0)
    byebug (9.0.6)
    maxitest (2.2.0)
      minitest (>= 5.0.0, < 5.10.0)
    minitest (5.9.1)
    parser (2.3.1.4)
      ast (~> 2.2)
    powerpack (0.1.1)
    rainbow (2.1.0)
    rubocop (0.45.0)
      parser (>= 2.3.1.1, < 3.0)
      powerpack (~> 0.1)
      rainbow (>= 1.99.1, < 3.0)
      ruby-progressbar (~> 1.7)
      unicode-display_width (~> 1.0, >= 1.0.1)
    ruby-progressbar (1.8.1)
    unicode-display_width (1.1.1)

PLATFORMS
  ruby

DEPENDENCIES
  bundler (~> 1.10)
  byebug
  maxitest
  rubocop
  ruby-package!

BUNDLED WITH
   1.13.5
